GEM
  remote: https://rubygems.org/
  specs:
    colorize (0.8.1)
    haar_joke (0.0.2)

PLATFORMS
  ruby

DEPENDENCIES
  colorize (~> 0.8.1)
  haar_joke (~> 0.0.2)

BUNDLED WITH
   2.0.1
